STORAGE: NONE
RESTRICTION: == net8.0
NUGET
  remote: https://api.nuget.org/v3/index.json
    Microsoft.Extensions.Configuration.Abstractions (9.0)
      Microsoft.Extensions.Primitives (>= 9.0)
    Microsoft.Extensions.Configuration.Binder (9.0)
      Microsoft.Extensions.Configuration.Abstractions (>= 9.0)
    Microsoft.Extensions.DependencyInjection (9.0)
      Microsoft.Extensions.DependencyInjection.Abstractions (>= 9.0)
    Microsoft.Extensions.DependencyInjection.Abstractions (9.0)
    Microsoft.Extensions.DependencyModel (9.0)
      System.Text.Encodings.Web (>= 9.0)
      System.Text.Json (>= 9.0)
    Microsoft.Extensions.Diagnostics.Abstractions (9.0)
      Microsoft.Extensions.DependencyInjection.Abstractions (>= 9.0)
      Microsoft.Extensions.Options (>= 9.0)
      System.Diagnostics.DiagnosticSource (>= 9.0)
    Microsoft.Extensions.FileProviders.Abstractions (9.0)
      Microsoft.Extensions.Primitives (>= 9.0)
    Microsoft.Extensions.Hosting.Abstractions (9.0)
      Microsoft.Extensions.Configuration.Abstractions (>= 9.0)
      Microsoft.Extensions.DependencyInjection.Abstractions (>= 9.0)
      Microsoft.Extensions.Diagnostics.Abstractions (>= 9.0)
      Microsoft.Extensions.FileProviders.Abstractions (>= 9.0)
      Microsoft.Extensions.Logging.Abstractions (>= 9.0)
    Microsoft.Extensions.Logging (9.0)
      Microsoft.Extensions.DependencyInjection (>= 9.0)
      Microsoft.Extensions.Logging.Abstractions (>= 9.0)
      Microsoft.Extensions.Options (>= 9.0)
    Microsoft.Extensions.Logging.Abstractions (9.0)
      Microsoft.Extensions.DependencyInjection.Abstractions (>= 9.0)
      System.Diagnostics.DiagnosticSource (>= 9.0)
    Microsoft.Extensions.Options (9.0)
      Microsoft.Extensions.DependencyInjection.Abstractions (>= 9.0)
      Microsoft.Extensions.Primitives (>= 9.0)
    Microsoft.Extensions.Primitives (9.0)
    Serilog (4.2)
    Serilog.AspNetCore (9.0)
      Serilog (>= 4.2)
      Serilog.Extensions.Hosting (>= 9.0)
      Serilog.Formatting.Compact (>= 3.0)
      Serilog.Settings.Configuration (>= 9.0)
      Serilog.Sinks.Console (>= 6.0)
      Serilog.Sinks.Debug (>= 3.0)
      Serilog.Sinks.File (>= 6.0)
    Serilog.Extensions.Hosting (9.0)
      Microsoft.Extensions.DependencyInjection.Abstractions (>= 9.0)
      Microsoft.Extensions.Hosting.Abstractions (>= 9.0)
      Microsoft.Extensions.Logging.Abstractions (>= 9.0)
      Serilog (>= 4.2)
      Serilog.Extensions.Logging (>= 9.0)
    Serilog.Extensions.Logging (9.0.1)
      Microsoft.Extensions.Logging (>= 9.0)
      Serilog (>= 4.2)
    Serilog.Formatting.Compact (3.0)
      Serilog (>= 4.0)
    Serilog.Settings.Configuration (9.0)
      Microsoft.Extensions.Configuration.Binder (>= 9.0)
      Microsoft.Extensions.DependencyModel (>= 9.0)
      Serilog (>= 4.2)
    Serilog.Sinks.Console (6.0)
      Serilog (>= 4.0)
    Serilog.Sinks.Debug (3.0)
      Serilog (>= 4.0)
    Serilog.Sinks.File (6.0)
      Serilog (>= 4.0)
    System.Diagnostics.DiagnosticSource (9.0)
    System.IO.Pipelines (9.0)
    System.Text.Encodings.Web (9.0)
    System.Text.Json (9.0)
      System.IO.Pipelines (>= 9.0)
      System.Text.Encodings.Web (>= 9.0)

GROUP Tests
STORAGE: NONE
RESTRICTION: == net8.0
NUGET
  remote: https://api.nuget.org/v3/index.json
    Castle.Core (5.1.1)
      System.Diagnostics.EventLog (>= 6.0)
    EnumerableAsyncProcessor (1.4)
      Microsoft.Bcl.AsyncInterfaces (>= 8.0)
      System.Collections.Immutable (>= 8.0)
    FluentAssertions (7.2)
      System.Configuration.ConfigurationManager (>= 6.0)
    Microsoft.Bcl.AsyncInterfaces (9.0)
    Microsoft.Testing.Extensions.TrxReport.Abstractions (1.4.3)
      Microsoft.Testing.Platform (>= 1.4.3)
    Microsoft.Testing.Platform (1.4.3)
    Microsoft.Testing.Platform.MSBuild (1.4.3)
      Microsoft.Testing.Platform (>= 1.4.3)
    Moq (4.20.72)
      Castle.Core (>= 5.1.1)
    System.Collections.Immutable (9.0)
    System.Configuration.ConfigurationManager (9.0)
      System.Diagnostics.EventLog (>= 9.0)
      System.Security.Cryptography.ProtectedData (>= 9.0)
    System.Diagnostics.EventLog (9.0)
    System.Security.Cryptography.ProtectedData (9.0)
    TUnit (0.4.74)
      TUnit.Assertions (>= 0.4.74)
      TUnit.Engine (>= 0.4.74)
    TUnit.Assertions (0.4.74)
    TUnit.Core (0.4.74)
    TUnit.Engine (0.4.74)
      EnumerableAsyncProcessor (>= 1.4)
      Microsoft.Testing.Extensions.TrxReport.Abstractions (>= 1.4.3)
      Microsoft.Testing.Platform (>= 1.4.3)
      Microsoft.Testing.Platform.MSBuild (>= 1.4.3)
      TUnit.Core (>= 0.4.74)
