STORAGE: NONE
RESTRICTION: == net8.0
NUGET
  remote: https://api.nuget.org/v3/index.json
    Serilog (4.2)

GROUP Tests
STORAGE: NONE
RESTRICTION: == net8.0
NUGET
  remote: https://api.nuget.org/v3/index.json
    EnumerableAsyncProcessor (1.4)
      Microsoft.Bcl.AsyncInterfaces (>= 8.0)
      System.Collections.Immutable (>= 8.0)
    FluentAssertions (7.2)
      System.Configuration.ConfigurationManager (>= 6.0)
    Microsoft.Bcl.AsyncInterfaces (9.0)
    Microsoft.Testing.Extensions.TrxReport.Abstractions (1.4.3)
      Microsoft.Testing.Platform (>= 1.4.3)
    Microsoft.Testing.Platform (1.4.3)
    Microsoft.Testing.Platform.MSBuild (1.4.3)
      Microsoft.Testing.Platform (>= 1.4.3)
    System.Collections.Immutable (9.0)
    System.Configuration.ConfigurationManager (9.0)
      System.Diagnostics.EventLog (>= 9.0)
      System.Security.Cryptography.ProtectedData (>= 9.0)
    System.Diagnostics.EventLog (9.0)
    System.Security.Cryptography.ProtectedData (9.0)
    TUnit (0.4.74)
      TUnit.Assertions (>= 0.4.74)
      TUnit.Engine (>= 0.4.74)
    TUnit.Assertions (0.4.74)
    TUnit.Core (0.4.74)
    TUnit.Engine (0.4.74)
      EnumerableAsyncProcessor (>= 1.4)
      Microsoft.Testing.Extensions.TrxReport.Abstractions (>= 1.4.3)
      Microsoft.Testing.Platform (>= 1.4.3)
      Microsoft.Testing.Platform.MSBuild (>= 1.4.3)
      TUnit.Core (>= 0.4.74)
